GEM
  remote: https://rubygems.org/
  specs:
    mysql (2.9.1)
    rack (1.6.4)
    rack-protection (1.5.3)
      rack
    sequel (4.35.0)
    sinatra (1.4.7)
      rack (~> 1.5)
      rack-protection (~> 1.4)
      tilt (>= 1.3, < 3)
    tilt (1.4.1)

PLATFORMS
  ruby

DEPENDENCIES
  mysql
  sequel
  sinatra

BUNDLED WITH
   1.12.5
